GEM
  remote: http://rubygems.org/
  specs:
    activesupport (3.2.8)
      i18n (~> 0.6)
      multi_json (~> 1.0)
    choice (0.1.6)
    faraday (0.8.4)
      multipart-post (~> 1.1)
    fastercsv (1.5.5)
    fixed_width-multibyte (0.2.3)
      activesupport
    google-spreadsheet-ruby (0.3.0)
      google_drive (>= 0.3.0)
    google_drive (0.3.1)
      nokogiri (>= 1.4.4, != 1.5.2, != 1.5.1)
      oauth (>= 0.3.6)
      oauth2 (>= 0.5.0)
    hash_digest (1.0.0)
      activesupport
    httpauth (0.1)
    i18n (0.6.1)
    jwt (0.1.5)
      multi_json (>= 1.0)
    log4r (1.1.10)
    multi_json (1.3.6)
    multipart-post (1.1.5)
    nokogiri (1.5.5)
    oauth (0.4.7)
    oauth2 (0.8.0)
      faraday (~> 0.8)
      httpauth (~> 0.1)
      jwt (~> 0.1.4)
      multi_json (~> 1.0)
      rack (~> 1.2)
    posix-spawn (0.3.6)
    rack (1.4.1)
    rack-protection (1.2.0)
      rack
    remote_table (2.0.2)
      activesupport (>= 2.3.4)
      fastercsv (>= 1.5.0)
      fixed_width-multibyte (>= 0.2.3)
      hash_digest
      i18n
      roo (>= 1.9)
      unix_utils (>= 0.0.8)
    roo (1.10.1)
      choice (>= 0.1.4)
      google-spreadsheet-ruby (>= 0.1.5)
      nokogiri (>= 1.5.0)
      rubyzip (>= 0.9.4)
      spreadsheet (> 0.6.4)
      todonotes (>= 0.1.0)
    ruby-ole (1.2.11.4)
    rubyzip (0.9.9)
    sinatra (1.3.3)
      rack (~> 1.3, >= 1.3.6)
      rack-protection (~> 1.2)
      tilt (~> 1.3, >= 1.3.3)
    spreadsheet (0.7.3)
      ruby-ole (>= 1.0)
    tilt (1.3.3)
    todonotes (0.1.0)
      log4r
    unix_utils (0.0.14)
      posix-spawn

PLATFORMS
  ruby

DEPENDENCIES
  activesupport
  remote_table
  sinatra
